GEM
  remote: https://rubygems.org/
  specs:
    citrus (3.0.2)
    mini_portile2 (2.8.5)
    nokogiri (1.16.0)
      mini_portile2 (~> 2.8.2)
      racc (~> 1.4)
    nokogiri (1.16.0-arm64-darwin)
      racc (~> 1.4)
    racc (1.7.3)
    toml-rb (3.0.0)
      citrus (~> 3.0, > 3.0)
      racc (~> 1.7)

PLATFORMS
  arm64-darwin-23
  ruby

DEPENDENCIES
  nokogiri
  toml-rb

BUNDLED WITH
   2.5.4
